PATH
  remote: .
  specs:
    paperlex (0.9.3)
      activesupport (>= 3.0.0)
      configatron
      hashie
      json
      rest-client

GEM
  remote: http://rubygems.org/
  specs:
    activesupport (3.1.3)
      multi_json (~> 1.0)
    configatron (2.9.0)
      yamler (>= 0.1.0)
    diff-lcs (1.1.3)
    faker (1.0.1)
      i18n (~> 0.4)
    fakeweb (1.3.0)
    hashie (1.2.0)
    i18n (0.6.0)
    json (1.6.3)
    mime-types (1.17.2)
    multi_json (1.0.4)
    rest-client (1.6.7)
      mime-types (>= 1.16)
    rspec (2.7.0)
      rspec-core (~> 2.7.0)
      rspec-expectations (~> 2.7.0)
      rspec-mocks (~> 2.7.0)
    rspec-core (2.7.1)
    rspec-expectations (2.7.0)
      diff-lcs (~> 1.1.2)
    rspec-mocks (2.7.0)
    yamler (0.1.0)

PLATFORMS
  ruby

DEPENDENCIES
  faker
  fakeweb
  paperlex!
  rspec
